GEM
  remote: http://www.rubygems.org/
  specs:
    activesupport (6.0.0)
      concurrent-ruby (~> 1.0, >= 1.0.2)
      i18n (>= 0.7, < 2)
      minitest (~> 5.1)
      tzinfo (~> 1.1)
      zeitwerk (~> 2.1, >= 2.1.8)
    claide (0.7.0)
    cocoapods (0.35.0)
      activesupport (>= 3.2.15)
      claide (~> 0.7.0)
      cocoapods-core (= 0.35.0)
      cocoapods-downloader (~> 0.8.0)
      cocoapods-plugins (~> 0.3.1)
      cocoapods-trunk (~> 0.4.1)
      cocoapods-try (~> 0.4.2)
      colored (~> 1.2)
      escape (~> 0.0.4)
      molinillo (~> 0.1.2)
      nap (~> 0.8)
      open4 (~> 1.3)
      xcodeproj (~> 0.20.2)
    cocoapods-core (0.35.0)
      activesupport (>= 3.2.15)
      fuzzy_match (~> 2.0.4)
      nap (~> 0.8.0)
    cocoapods-downloader (0.8.0)
    cocoapods-plugins (0.3.2)
      nap
    cocoapods-trunk (0.4.1)
      nap (>= 0.8)
      netrc (= 0.7.8)
    cocoapods-try (0.4.2)
    colored (1.2)
    concurrent-ruby (1.1.5)
    escape (0.0.4)
    fuzzy_match (2.0.4)
    i18n (1.7.0)
      concurrent-ruby (~> 1.0)
    minitest (5.12.2)
    molinillo (0.1.2)
    nap (0.8.0)
    netrc (0.7.8)
    open4 (1.3.4)
    thread_safe (0.3.6)
    tzinfo (1.2.5)
      thread_safe (~> 0.1)
    xcodeproj (0.20.2)
      activesupport (>= 3)
      colored (~> 1.2)
    xcpretty (0.1.7)
    zeitwerk (2.2.0)

PLATFORMS
  ruby

DEPENDENCIES
  cocoapods (~> 0.35.0)
  xcpretty
